GIT
  remote: https://github.com/sonota88/digdag_client.git
  revision: e30fad087897813d90b8b7e0a39a530f89e09fc4
  branch: wip
  specs:
    digdag_client (0.0.4)
      faraday (~> 0.9)
      faraday_middleware (~> 0.11)

GIT
  remote: https://github.com/sonota88/digdag_utils.git
  revision: c7975329831c8b41d318ceb8fdeb7ce91ce91258
  branch: wip
  specs:
    digdag_utils (0.0.1)

GEM
  remote: https://rubygems.org/
  specs:
    backports (3.17.2)
    faraday (0.17.3)
      multipart-post (>= 1.2, < 3)
    faraday_middleware (0.14.0)
      faraday (>= 0.7.4, < 1.0)
    multi_json (1.14.1)
    multipart-post (2.1.1)
    mustermann (1.1.1)
      ruby2_keywords (~> 0.0.1)
    rack (2.2.2)
    rack-protection (2.0.5)
      rack
    rake (13.0.1)
    ruby2_keywords (0.0.2)
    sinatra (2.0.5)
      mustermann (~> 1.0)
      rack (~> 2.0)
      rack-protection (= 2.0.5)
      tilt (~> 2.0)
    sinatra-contrib (2.0.5)
      backports (>= 2.8.2)
      multi_json
      mustermann (~> 1.0)
      rack-protection (= 2.0.5)
      sinatra (= 2.0.5)
      tilt (>= 1.3, < 3)
    tilt (2.0.10)

PLATFORMS
  ruby

DEPENDENCIES
  digdag_client!
  digdag_utils!
  rake
  sinatra (= 2.0.5)
  sinatra-contrib (= 2.0.5)

BUNDLED WITH
   2.1.4
