GIT
  remote: https://github.com/sonota88/digdag_client.git
  revision: 625f95e3bd929886c72b0782777b431966436ea9
  branch: wip
  specs:
    digdag_client (0.0.4)
      faraday (~> 0.9)
      faraday_middleware (~> 0.11)

GIT
  remote: https://github.com/sonota88/digdag_utils.git
  revision: 543a2b5e5d4dc340849ea4be3edc1adb5a5f72a6
  branch: wip
  specs:
    digdag_utils (0.0.1)

GEM
  remote: https://rubygems.org/
  specs:
    ast (2.4.1)
    backports (3.18.1)
    faraday (0.17.3)
      multipart-post (>= 1.2, < 3)
    faraday_middleware (0.14.0)
      faraday (>= 0.7.4, < 1.0)
    ifchanged (1.0.1)
    multi_json (1.15.0)
    multipart-post (2.1.1)
    mustermann (1.1.1)
      ruby2_keywords (~> 0.0.1)
    opal (1.0.3)
      ast (>= 2.3.0)
      parser (~> 2.6)
    ovto (0.6.0)
      opal (>= 0.11, < 2)
      rack (~> 2.0)
      thor (~> 0.20)
    parser (2.7.1.4)
      ast (~> 2.4.1)
    rack (2.2.3)
    rack-protection (2.0.5)
      rack
    rake (13.0.1)
    ruby2_keywords (0.0.2)
    sinatra (2.0.5)
      mustermann (~> 1.0)
      rack (~> 2.0)
      rack-protection (= 2.0.5)
      tilt (~> 2.0)
    sinatra-contrib (2.0.5)
      backports (>= 2.8.2)
      multi_json
      mustermann (~> 1.0)
      rack-protection (= 2.0.5)
      sinatra (= 2.0.5)
      tilt (>= 1.3, < 3)
    thor (0.20.3)
    tilt (2.0.10)

PLATFORMS
  ruby

DEPENDENCIES
  digdag_client!
  digdag_utils!
  ifchanged
  ovto
  rake
  sinatra (= 2.0.5)
  sinatra-contrib (= 2.0.5)

BUNDLED WITH
   2.1.4
